GEM
  remote: https://rubygems.org/
  specs:
    kgio (2.11.4)
    rack (2.2.9)
    raindrops (0.20.1)
    unicorn (6.1.0)
      kgio (~> 2.6)
      raindrops (~> 0.7)

PLATFORMS
  ruby

DEPENDENCIES
  rack (~> 2.2, >= 2.2.9)
  unicorn (~> 6.1)

BUNDLED WITH
   2.5.11
