GEM
  remote: https://rubygems.org/
  specs:
    async (2.17.0)
      console (~> 1.26)
      fiber-annotation
      io-event (~> 1.6, >= 1.6.5)
    async-container (0.18.3)
      async (~> 2.10)
    async-http (0.79.0)
      async (>= 2.10.2)
      async-pool (~> 0.7)
      io-endpoint (~> 0.11)
      io-stream (~> 0.4)
      protocol-http (~> 0.37)
      protocol-http1 (~> 0.27)
      protocol-http2 (~> 0.19)
      traces (>= 0.10)
    async-http-cache (0.4.4)
      async-http (~> 0.56)
    async-pool (0.8.1)
      async (>= 1.25)
      metrics
      traces
    async-service (0.12.0)
      async
      async-container (~> 0.16)
    console (1.27.0)
      fiber-annotation
      fiber-local (~> 1.1)
      json
    falcon (0.48.2)
      async
      async-container (~> 0.18)
      async-http (~> 0.75)
      async-http-cache (~> 0.4)
      async-service (~> 0.10)
      bundler
      localhost (~> 1.1)
      openssl (~> 3.0)
      process-metrics (~> 0.2)
      protocol-http (~> 0.31)
      protocol-rack (~> 0.7)
      samovar (~> 2.3)
    fiber-annotation (0.2.0)
    fiber-local (1.1.0)
      fiber-storage
    fiber-storage (1.0.0)
    io-endpoint (0.13.1)
    io-event (1.6.5)
    io-stream (0.4.1)
    json (2.7.2)
    localhost (1.3.1)
    mapping (1.1.1)
    metrics (0.10.2)
    openssl (3.2.0)
    process-metrics (0.3.0)
      console (~> 1.8)
      json (~> 2)
      samovar (~> 2.1)
    protocol-hpack (1.5.1)
    protocol-http (0.37.0)
    protocol-http1 (0.27.0)
      protocol-http (~> 0.22)
    protocol-http2 (0.19.2)
      protocol-hpack (~> 1.4)
      protocol-http (~> 0.18)
    protocol-rack (0.10.0)
      protocol-http (~> 0.37)
      rack (>= 1.0)
    rack (2.2.9)
    samovar (2.3.0)
      console (~> 1.0)
      mapping (~> 1.0)
    traces (0.13.1)

PLATFORMS
  ruby

DEPENDENCIES
  falcon (~> 0.48.2)
  rack (~> 2.2, >= 2.2.9)

BUNDLED WITH
   2.5.11
