GEM
  remote: https://rubygems.org/
  specs:
    logger (1.6.1)
    pitchfork (0.16.0)
      logger
      rack (>= 2.0)
    rack (3.1.7)

PLATFORMS
  ruby

DEPENDENCIES
  pitchfork (~> 0.16.0)
  rack (~> 3.1, >= 3.1.7)

BUNDLED WITH
   2.5.11
