GEM
  remote: https://rubygems.org/
  specs:
    logger (1.6.1)
    pitchfork (0.16.0)
      logger
      rack (>= 2.0)
    rack (2.2.9)

PLATFORMS
  ruby

DEPENDENCIES
  pitchfork (~> 0.16.0)
  rack (~> 2.2, >= 2.2.9)

BUNDLED WITH
   2.5.11
