GEM
  remote: https://rubygems.org/
  specs:
    nio4r (2.7.3)
    puma (6.4.2)
      nio4r (~> 2.0)
    rack (2.2.9)

PLATFORMS
  ruby

DEPENDENCIES
  puma (= 6.4.2)
  rack (~> 2.2, >= 2.2.9)

BUNDLED WITH
   2.3.3
